GEM
  remote: https://rubygems.org/
  specs:
    actionmailer (4.0.6)
      actionpack (= 4.0.6)
      mail (~> 2.5.4)
    actionpack (4.0.6)
      activesupport (= 4.0.6)
      builder (~> 3.1.0)
      erubis (~> 2.7.0)
      rack (~> 1.5.2)
      rack-test (~> 0.6.2)
    actionpack-action_caching (1.2.0)
      actionpack (>= 4.0.0, < 6)
    active_model_serializers (0.8.4)
      activemodel (>= 3.0)
    activemodel (4.0.6)
      activesupport (= 4.0.6)
      builder (~> 3.1.0)
    activerecord (4.0.6)
      activemodel (= 4.0.6)
      activerecord-deprecated_finders (~> 1.0.2)
      activesupport (= 4.0.6)
      arel (~> 4.0.0)
    activerecord-deprecated_finders (1.0.4)
    activerecord-postgres-hstore (0.7.8)
      activerecord (>= 3.1)
      pg-hstore (>= 1.1.5)
      rake
    activeresource (4.1.0)
      activemodel (~> 4.0)
      activesupport (~> 4.0)
      rails-observers (~> 0.1.2)
    activesupport (4.0.6)
      i18n (~> 0.6, >= 0.6.9)
      minitest (~> 4.2)
      multi_json (~> 1.3)
      thread_safe (~> 0.1)
      tzinfo (~> 0.3.37)
    activeuuid (0.6.1)
      activerecord (>= 3.1)
      uuidtools
    acts-as-taggable-on (2.4.1)
      rails (>= 3, < 5)
    addressable (2.6.0)
      public_suffix (>= 2.0.2, < 4.0)
    ahoy_matey (1.6.1)
      addressable
      browser (~> 2.0)
      geocoder
      rack-attack (< 6)
      railties
      referer-parser (>= 0.3.0)
      request_store
      safely_block (>= 0.1.1)
      user_agent_parser
      uuidtools
    airbrussh (1.3.1)
      sshkit (>= 1.6.1, != 1.7.0)
    annotate (2.6.5)
      activerecord (>= 2.3.0)
      rake (>= 0.8.7)
    appsignal (2.9.6)
      rack
    arel (4.0.2)
    ast (2.4.0)
    aws-eventstream (1.0.3)
    aws-sdk (2.11.276)
      aws-sdk-resources (= 2.11.276)
    aws-sdk-core (2.11.276)
      aws-sigv4 (~> 1.0)
      jmespath (~> 1.0)
    aws-sdk-resources (2.11.276)
      aws-sdk-core (= 2.11.276)
    aws-sigv4 (1.1.0)
      aws-eventstream (~> 1.0, >= 1.0.2)
    barber (0.12.2)
      ember-source (>= 1.0, < 3.1)
      execjs (>= 1.2, < 3)
    bcrypt (3.1.12)
    better_errors (1.1.0)
      coderay (>= 1.0.0)
      erubis (>= 2.6.6)
    binding_of_caller (0.8.0)
      debug_inspector (>= 0.0.1)
    bootstrap-sass (2.3.1.3)
      sass (~> 3.2)
    brightbox (2.4.2)
      bundler (>= 1.3.4)
      capistrano (>= 2.15.5)
    browser (2.5.3)
    builder (3.1.4)
    byebug (10.0.2)
    cancan (1.6.10)
    capistrano (3.11.0)
      airbrussh (>= 1.0.0)
      i18n
      rake (>= 10.0.0)
      sshkit (>= 1.9.0)
    capistrano-bundler (1.5.0)
      capistrano (~> 3.1)
    capistrano-local-precompile (1.2.0)
      capistrano (>= 3.8)
    capistrano-maintenance (1.2.0)
      capistrano (>= 3.0)
    capistrano-passenger (0.2.0)
      capistrano (~> 3.0)
    capistrano-rails (1.4.0)
      capistrano (~> 3.1)
      capistrano-bundler (~> 1.1)
    capistrano-rvm (0.1.2)
      capistrano (~> 3.0)
      sshkit (~> 1.2)
    capybara (2.18.0)
      addressable
      mini_mime (>= 0.1.3)
      nokogiri (>= 1.3.3)
      rack (>= 1.0.0)
      rack-test (>= 0.5.4)
      xpath (>= 2.0, < 4.0)
    carrierwave (1.3.1)
      activemodel (>= 4.0.0)
      activesupport (>= 4.0.0)
      mime-types (>= 1.16)
    chartkick (3.0.2)
    chronic (0.10.2)
    chronic_duration (0.10.6)
      numerizer (~> 0.1.1)
    chunky_png (1.3.11)
    clerk (0.2.3)
      activerecord (> 3)
      railties (> 3.1)
      sentient_user (>= 0.3.3)
    codeclimate-test-reporter (1.0.7)
      simplecov
    coderay (1.1.2)
    coffee-rails (4.0.1)
      coffee-script (>= 2.2.0)
      railties (>= 4.0.0, < 5.0)
    coffee-script (2.4.1)
      coffee-script-source
      execjs
    coffee-script-source (1.12.2)
    compass (1.0.3)
      chunky_png (~> 1.2)
      compass-core (~> 1.0.2)
      compass-import-once (~> 1.0.5)
      rb-fsevent (>= 0.9.3)
      rb-inotify (>= 0.9)
      sass (>= 3.3.13, < 3.5)
    compass-core (1.0.3)
      multi_json (~> 1.0)
      sass (>= 3.3.0, < 3.5)
    compass-import-once (1.0.5)
      sass (>= 3.2, < 3.5)
    compass-rails (3.1.0)
      compass (~> 1.0.0)
      sass-rails (< 5.1)
      sprockets (< 4.0)
    concurrent-ruby (1.1.5)
    connection_pool (2.2.2)
    coveralls (0.8.23)
      json (>= 1.8, < 3)
      simplecov (~> 0.16.1)
      term-ansicolor (~> 1.3)
      thor (>= 0.19.4, < 2.0)
      tins (~> 1.6)
    dalli (2.7.10)
    database_cleaner (1.7.0)
    debug_inspector (0.0.3)
    devise (3.5.10)
      bcrypt (~> 3.0)
      orm_adapter (~> 0.1)
      railties (>= 3.2.6, < 5)
      responders
      thread_safe (~> 0.1)
      warden (~> 1.2.3)
    diff-lcs (1.3)
    docile (1.1.5)
    domain_name (0.5.20180417)
      unf (>= 0.0.5, < 1.0.0)
    dotenv (2.7.2)
    dotenv-rails (2.7.2)
      dotenv (= 2.7.2)
      railties (>= 3.2, < 6.1)
    em-websocket (0.5.1)
      eventmachine (>= 0.12.9)
      http_parser.rb (~> 0.6.0)
    ember-data-source (1.0.0.beta.14)
      ember-source
    ember-handlebars-template (0.3.6)
      barber (>= 0.10.0)
      sprockets (>= 2.1, < 3.5)
      tilt
    ember-rails (0.18.5)
      active_model_serializers
      ember-data-source (>= 1.0.0.beta.5)
      ember-handlebars-template (>= 0.1.1, < 1.0)
      ember-source (>= 1.1.0)
      jquery-rails (>= 1.0.17)
      railties (>= 3.1)
    ember-source (1.1.2)
      handlebars-source (= 1.0.12)
    errbase (0.1.1)
    erubis (2.7.0)
    eventmachine (1.2.7)
    execjs (2.7.0)
    factory_girl (4.9.0)
      activesupport (>= 3.0.0)
    factory_girl_rails (4.9.0)
      factory_girl (~> 4.9.0)
      railties (>= 3.0.0)
    ffi (1.10.0)
    font-awesome-rails (4.7.0.5)
      railties (>= 3.2, < 6.1)
    foreigner (1.7.4)
      activerecord (>= 3.0.0)
    formatador (0.2.5)
    geocoder (1.5.1)
    geoip (1.6.4)
    git (1.5.0)
    git_pretty_accept (1.0.0)
      git
      methadone (~> 1.9)
    gon (6.2.1)
      actionpack (>= 3.0)
      multi_json
      request_store (>= 1.0)
    groupdate (3.2.1)
      activesupport (>= 3)
    guard (2.15.0)
      formatador (>= 0.2.4)
      listen (>= 2.7, < 4.0)
      lumberjack (>= 1.0.12, < 2.0)
      nenv (~> 0.1)
      notiffany (~> 0.0)
      pry (>= 0.9.12)
      shellany (~> 0.0)
      thor (>= 0.18.1)
    guard-bundler (2.2.1)
      bundler (>= 1.3.0, < 3)
      guard (~> 2.2)
      guard-compat (~> 1.1)
    guard-compat (1.2.1)
    guard-livereload (2.5.2)
      em-websocket (~> 0.5)
      guard (~> 2.8)
      guard-compat (~> 1.0)
      multi_json (~> 1.8)
    handlebars-source (1.0.12)
    has_scope (0.6.0)
      actionpack (>= 3.2, < 5)
      activesupport (>= 3.2, < 5)
    hike (1.2.3)
    http-cookie (1.0.3)
      domain_name (~> 0.5)
    http_parser.rb (0.6.0)
    i18n (0.9.5)
      concurrent-ruby (~> 1.0)
    immigrant (0.3.6)
      activerecord (>= 3.0)
    inherited_resources (1.7.2)
      actionpack (>= 3.2, < 5.2.x)
      has_scope (~> 0.6)
      railties (>= 3.2, < 5.2.x)
      responders
    jmespath (1.4.0)
    jquery-cookie-rails (1.3.1.1)
      railties (>= 3.2.0, < 5.0)
    jquery-mousewheel-rails (0.0.9)
      railties (>= 3.1)
    jquery-rails (2.1.4)
      railties (>= 3.0, < 5.0)
      thor (>= 0.14, < 2.0)
    jquery-ui-rails (6.0.1)
      railties (>= 3.2.16)
    jslint_on_rails (1.1.1)
    json (2.2.0)
    json_spec (1.1.5)
      multi_json (~> 1.0)
      rspec (>= 2.0, < 4.0)
    kaminari (0.17.0)
      actionpack (>= 3.0.0)
      activesupport (>= 3.0.0)
    launchy (2.4.3)
      addressable (~> 2.3)
    letter_opener (1.7.0)
      launchy (~> 2.2)
    listen (3.1.5)
      rb-fsevent (~> 0.9, >= 0.9.4)
      rb-inotify (~> 0.9, >= 0.9.7)
      ruby_dep (~> 1.2)
    lumberjack (1.0.13)
    mail (2.5.5)
      mime-types (~> 1.16)
      treetop (~> 1.4.8)
    memcache-client (1.8.5)
    methadone (1.9.5)
      bundler
    method_source (0.9.2)
    mime-types (1.25.1)
    mini_mime (1.0.1)
    mini_portile2 (2.4.0)
    minitest (4.7.5)
    multi_json (1.13.1)
    nenv (0.3.0)
    nested-hstore (0.1.2)
      activerecord
      activesupport
    nested_form (0.3.2)
    net-scp (2.0.0)
      net-ssh (>= 2.6.5, < 6.0.0)
    net-ssh (4.2.0)
    netrc (0.11.0)
    nokogiri (1.9.1)
      mini_portile2 (~> 2.4.0)
    notiffany (0.1.1)
      nenv (~> 0.1)
      shellany (~> 0.0)
    numerizer (0.1.1)
    oj (3.7.12)
    orm_adapter (0.5.0)
    paper_trail (4.2.0)
      activerecord (>= 3.0, < 6.0)
      activesupport (>= 3.0, < 6.0)
      request_store (~> 1.1)
    parser (2.6.3.0)
      ast (~> 2.4.0)
    pg (0.20.0)
    pg-hstore (1.2.0)
    pg_array_parser (0.0.9)
    pg_search (0.5.7)
      activerecord (>= 3)
      activesupport (>= 3)
    polyglot (0.3.5)
    power_assert (1.1.4)
    powerpack (0.1.2)
    protected_attributes (1.1.4)
      activemodel (>= 4.0.1, < 5.0)
    pry (0.12.2)
      coderay (~> 1.1.0)
      method_source (~> 0.9.0)
    public_suffix (3.0.3)
    quiet_assets (1.1.0)
      railties (>= 3.1, < 5.0)
    rack (1.5.5)
    rack-attack (5.4.2)
      rack (>= 1.0, < 3)
    rack-cors (1.0.3)
    rack-livereload (0.3.17)
      rack
    rack-protection (1.5.5)
      rack
    rack-test (0.6.3)
      rack (>= 1.0)
    rails (4.0.6)
      actionmailer (= 4.0.6)
      actionpack (= 4.0.6)
      activerecord (= 4.0.6)
      activesupport (= 4.0.6)
      bundler (>= 1.3.0, < 2.0)
      railties (= 4.0.6)
      sprockets-rails (~> 2.0)
    rails-observers (0.1.5)
      activemodel (>= 4.0)
    rails-secrets (1.0.2)
      rails (>= 3.2.0, <= 4.1.0)
    railties (4.0.6)
      actionpack (= 4.0.6)
      activesupport (= 4.0.6)
      rake (>= 0.8.7)
      thor (>= 0.18.1, < 2.0)
    rainbow (2.2.2)
      rake
    rake (10.0.4)
    rb-fsevent (0.10.3)
    rb-inotify (0.10.0)
      ffi (~> 1.0)
    redis (3.3.5)
    redis-actionpack (5.0.2)
      actionpack (>= 4.0, < 6)
      redis-rack (>= 1, < 3)
      redis-store (>= 1.1.0, < 2)
    redis-activesupport (5.0.7)
      activesupport (>= 3, < 6)
      redis-store (>= 1.3, < 2)
    redis-rack (2.0.5)
      rack (>= 1.5, < 3)
      redis-store (>= 1.2, < 2)
    redis-rails (5.0.2)
      redis-actionpack (>= 5.0, < 6)
      redis-activesupport (>= 5.0, < 6)
      redis-store (>= 1.2, < 2)
    redis-store (1.6.0)
      redis (>= 2.2, < 5)
    referer-parser (0.3.0)
    request_store (1.4.1)
      rack (>= 1.4)
    responders (1.1.2)
      railties (>= 3.2, < 4.2)
    rest-client (2.0.2)
      http-cookie (>= 1.0.2, < 2.0)
      mime-types (>= 1.16, < 4.0)
      netrc (~> 0.8)
    rspec (2.14.1)
      rspec-core (~> 2.14.0)
      rspec-expectations (~> 2.14.0)
      rspec-mocks (~> 2.14.0)
    rspec-core (2.14.8)
    rspec-expectations (2.14.5)
      diff-lcs (>= 1.1.3, < 2.0)
    rspec-mocks (2.14.6)
    rspec-rails (2.14.2)
      actionpack (>= 3.0)
      activemodel (>= 3.0)
      activesupport (>= 3.0)
      railties (>= 3.0)
      rspec-core (~> 2.14.0)
      rspec-expectations (~> 2.14.0)
      rspec-mocks (~> 2.14.0)
    rubocop (0.40.0)
      parser (>= 2.3.1.0, < 3.0)
      powerpack (~> 0.1)
      rainbow (>= 1.99.1, < 3.0)
      ruby-progressbar (~> 1.7)
      unicode-display_width (~> 1.0, >= 1.0.1)
    ruby-progressbar (1.10.0)
    ruby_dep (1.3.1)
    rubyzip (1.2.2)
    safely_block (0.2.1)
      errbase
    sass (3.4.25)
    sass-rails (4.0.3)
      railties (>= 4.0.0, < 5.0)
      sass (~> 3.2.0)
      sprockets (~> 2.8, <= 2.11.0)
      sprockets-rails (~> 2.0)
    select2-rails (3.5.10)
      thor (~> 0.14)
    sentient_user (0.4.0)
      railties (>= 3.1)
    sextant (0.2.4)
      rails (>= 3.2)
    shellany (0.0.1)
    sidekiq (4.2.10)
      concurrent-ruby (~> 1.0)
      connection_pool (~> 2.2, >= 2.2.0)
      rack-protection (>= 1.5.0)
      redis (~> 3.2, >= 3.2.1)
    sidekiq-status (1.1.2)
      chronic_duration
      sidekiq (>= 3.0)
    sidekiq-unique-jobs (5.0.10)
      sidekiq (>= 4.0, <= 6.0)
      thor (~> 0)
    simplecov (0.16.1)
      docile (~> 1.1)
      json (>= 1.8, < 3)
      simplecov-html (~> 0.10.0)
    simplecov-html (0.10.2)
    sinatra (1.4.8)
      rack (~> 1.5)
      rack-protection (~> 1.4)
      tilt (>= 1.3, < 3)
    sitemap_generator (6.0.2)
      builder (~> 3.0)
    slackistrano (3.8.4)
      capistrano (>= 3.8.1)
    slim (3.0.9)
      temple (>= 0.7.6, < 0.9)
      tilt (>= 1.3.3, < 2.1)
    sprockets (2.11.0)
      hike (~> 1.2)
      multi_json (~> 1.0)
      rack (~> 1.0)
      tilt (~> 1.1, != 1.3.0)
    sprockets-rails (2.3.3)
      actionpack (>= 3.0)
      activesupport (>= 3.0)
      sprockets (>= 2.8, < 4.0)
    sshkit (1.18.2)
      net-scp (>= 1.1.2)
      net-ssh (>= 2.8.0)
    susy (2.2.14)
      sass (>= 3.3.0, < 3.5)
    temple (0.8.1)
    term-ansicolor (1.7.1)
      tins (~> 1.0)
    test-unit (3.3.3)
      power_assert
    thor (0.20.3)
    thread_safe (0.3.6)
    tilt (1.4.1)
    timecop (0.9.1)
    tins (1.20.2)
    traco (2.0.0)
      activerecord (>= 3.0)
    treetop (1.4.15)
      polyglot
      polyglot (>= 0.3.1)
    tzinfo (0.3.55)
    uglifier (4.1.20)
      execjs (>= 0.3.0, < 3)
    underscore-rails (1.8.3)
    unf (0.1.4)
      unf_ext
    unf_ext (0.0.7.6)
    unicode-display_width (1.6.0)
    user_agent_parser (2.4.1)
    uuidtools (2.1.5)
    warden (1.2.7)
      rack (>= 1.0)
    webrick (1.3.1)
    whenever (0.11.0)
      chronic (>= 0.6.3)
    wicked (1.3.3)
      railties (>= 3.0.7)
    xpath (3.1.0)
      nokogiri (~> 1.8)
    yajl-ruby (1.4.1)

PLATFORMS
  ruby

DEPENDENCIES
  actionpack-action_caching
  active_model_serializers (~> 0.8.4)
  activerecord-postgres-hstore
  activeresource
  activeuuid (>= 0.5.0)
  acts-as-taggable-on (~> 2.4.1)
  ahoy_matey
  annotate (>= 2.5.0)
  appsignal
  aws-sdk (~> 2)
  better_errors (~> 1.1.0)
  binding_of_caller (>= 0.7.2)
  bootstrap-sass (~> 2.3.1.0)
  brightbox (>= 2.3.9)
  byebug
  cancan
  capistrano (~> 3.11.0)
  capistrano-bundler (~> 1.5.0)
  capistrano-local-precompile (~> 1.2.0)
  capistrano-maintenance (~> 1.0)
  capistrano-passenger (~> 0.2.0)
  capistrano-rails (~> 1.4.0)
  capistrano-rvm (~> 0.1.2)
  capybara
  carrierwave
  chartkick
  clerk
  codeclimate-test-reporter
  coffee-rails (~> 4.0.0)
  compass (>= 0.12.2)
  compass-rails (>= 1.0.3)
  coveralls
  dalli
  database_cleaner (>= 1.2.0)
  devise (>= 3.5.4)
  dotenv-rails
  ember-rails
  ember-source (= 1.1.2)
  factory_girl_rails (~> 4.0)
  font-awesome-rails
  foreigner
  geoip
  git_pretty_accept
  gon
  groupdate
  guard-bundler
  guard-livereload
  immigrant
  inherited_resources
  jquery-cookie-rails
  jquery-mousewheel-rails
  jquery-rails (= 2.1.4)
  jquery-ui-rails
  jslint_on_rails
  json_spec (~> 1.1.1)
  kaminari
  launchy
  letter_opener
  memcache-client
  nested-hstore
  nested_form (~> 0.3.2)
  nokogiri (>= 1.6.7.2)
  oj
  paper_trail (~> 4.0)
  pg (~> 0.20.0)
  pg_array_parser
  pg_search (~> 0.5.7)
  protected_attributes
  quiet_assets
  rack-cors
  rack-livereload
  rails (= 4.0.6)
  rails-observers
  rails-secrets
  rake (~> 10.0.3)
  redis-rails
  request_store (~> 1.1)
  rest-client
  rspec-mocks (~> 2.14.0)
  rspec-rails (~> 2.14.0)
  rubocop (~> 0.40.0)
  rubyzip (>= 1.0.0)
  sass-rails (~> 4.0.0)
  select2-rails (~> 3.5.7)
  sextant
  sidekiq (< 5)
  sidekiq-status
  sidekiq-unique-jobs (= 5.0.10)
  simplecov
  sinatra (>= 1.3.0)
  sitemap_generator
  slackistrano
  slim
  susy
  test-unit (~> 3.1)
  timecop
  traco (~> 2.0.0)
  uglifier (>= 1.0.3)
  underscore-rails
  webrick (= 1.3.1)
  whenever
  wicked
  yajl-ruby

BUNDLED WITH
   1.16.6
